PATH
  remote: .
  specs:
    bridger (0.1.1)
      bootic_client (>= 0.0.30)
      jwt (~> 2)
      multi_json
      oat
      parametric (>= 0.2.11)
      rack (>= 2.0.6)
      rack-test

GEM
  remote: https://rubygems.org/
  specs:
    actionpack (7.0.2.2)
      actionview (= 7.0.2.2)
      activesupport (= 7.0.2.2)
      rack (~> 2.0, >= 2.2.0)
      rack-test (>= 0.6.3)
      rails-dom-testing (~> 2.0)
      rails-html-sanitizer (~> 1.0, >= 1.2.0)
    actionview (7.0.2.2)
      activesupport (= 7.0.2.2)
      builder (~> 3.1)
      erubi (~> 1.4)
      rails-dom-testing (~> 2.0)
      rails-html-sanitizer (~> 1.1, >= 1.2.0)
    activesupport (7.0.2.2)
      concurrent-ruby (~> 1.0, >= 1.0.2)
      i18n (>= 1.6, < 2)
      minitest (>= 5.1)
      tzinfo (~> 2.0)
    bootic_client (0.0.30)
      faraday (>= 0.15)
      faraday-http-cache (~> 2)
      net-http-persistent (~> 4)
      oauth2 (~> 1.4)
      uri_template (~> 0.7)
    builder (3.2.4)
    byebug (11.1.3)
    concurrent-ruby (1.1.9)
    connection_pool (2.2.5)
    crass (1.0.6)
    diff-lcs (1.4.4)
    erubi (1.10.0)
    faraday (1.4.1)
      faraday-excon (~> 1.1)
      faraday-net_http (~> 1.0)
      faraday-net_http_persistent (~> 1.1)
      multipart-post (>= 1.2, < 3)
      ruby2_keywords (>= 0.0.4)
    faraday-excon (1.1.0)
    faraday-http-cache (2.2.0)
      faraday (>= 0.8)
    faraday-net_http (1.0.1)
    faraday-net_http_persistent (1.1.0)
    i18n (1.9.1)
      concurrent-ruby (~> 1.0)
    jwt (2.2.3)
    loofah (2.14.0)
      crass (~> 1.0.2)
      nokogiri (>= 1.5.9)
    mini_portile2 (2.7.1)
    minitest (5.15.0)
    multi_json (1.15.0)
    multi_xml (0.6.0)
    multipart-post (2.1.1)
    mustermann (1.1.1)
      ruby2_keywords (~> 0.0.1)
    net-http-persistent (4.0.1)
      connection_pool (~> 2.2)
    nokogiri (1.13.1)
      mini_portile2 (~> 2.7.0)
      racc (~> 1.4)
    oat (0.6.0)
    oauth2 (1.4.7)
      faraday (>= 0.8, < 2.0)
      jwt (>= 1.0, < 3.0)
      multi_json (~> 1.3)
      multi_xml (~> 0.5)
      rack (>= 1.2, < 3)
    parametric (0.2.14)
    racc (1.6.0)
    rack (2.2.3)
    rack-protection (2.1.0)
      rack
    rack-test (1.1.0)
      rack (>= 1.0, < 3)
    rails-dom-testing (2.0.3)
      activesupport (>= 4.2.0)
      nokogiri (>= 1.6)
    rails-html-sanitizer (1.4.2)
      loofah (~> 2.3)
    rake (13.0.3)
    rspec (3.10.0)
      rspec-core (~> 3.10.0)
      rspec-expectations (~> 3.10.0)
      rspec-mocks (~> 3.10.0)
    rspec-core (3.10.1)
      rspec-support (~> 3.10.0)
    rspec-expectations (3.10.1)
      diff-lcs (>= 1.2.0, < 2.0)
      rspec-support (~> 3.10.0)
    rspec-mocks (3.10.2)
      diff-lcs (>= 1.2.0, < 2.0)
      rspec-support (~> 3.10.0)
    rspec-support (3.10.2)
    ruby2_keywords (0.0.4)
    sinatra (2.1.0)
      mustermann (~> 1.0)
      rack (~> 2.2)
      rack-protection (= 2.1.0)
      tilt (~> 2.0)
    tilt (2.0.10)
    tzinfo (2.0.4)
      concurrent-ruby (~> 1.0)
    uri_template (0.7.0)

PLATFORMS
  ruby

DEPENDENCIES
  actionpack (~> 7)
  bridger!
  bundler (~> 2.1)
  byebug
  rake (~> 13.0)
  rspec (~> 3.0)
  sinatra (~> 2)

BUNDLED WITH
   2.2.16
