PATH
  remote: .
  specs:
    bridger (0.1.0)
      bootic_client (~> 0.0.20)
      jwt
      oat
      parametric
      rack-test
      sinatra

GEM
  remote: https://rubygems.org/
  specs:
    bootic_client (0.0.20)
      faraday (~> 0.9)
      faraday-http-cache (= 1.2.2)
      faraday_middleware (~> 0.9)
      net-http-persistent (~> 2.9)
      oauth2 (= 1.3.1)
      uri_template (~> 0.7)
    byebug (10.0.2)
    diff-lcs (1.3)
    faraday (0.11.0)
      multipart-post (>= 1.2, < 3)
    faraday-http-cache (1.2.2)
      faraday (~> 0.8)
    faraday_middleware (0.12.2)
      faraday (>= 0.7.4, < 1.0)
    jwt (1.5.6)
    multi_json (1.13.1)
    multi_xml (0.6.0)
    multipart-post (2.0.0)
    mustermann (1.0.2)
    net-http-persistent (2.9.4)
    oat (0.6.0)
    oauth2 (1.3.1)
      faraday (>= 0.8, < 0.12)
      jwt (~> 1.0)
      multi_json (~> 1.3)
      multi_xml (~> 0.5)
      rack (>= 1.2, < 3)
    parametric (0.1.3)
    rack (2.0.5)
    rack-protection (2.0.3)
      rack
    rack-test (1.0.0)
      rack (>= 1.0, < 3)
    rake (10.5.0)
    rspec (3.7.0)
      rspec-core (~> 3.7.0)
      rspec-expectations (~> 3.7.0)
      rspec-mocks (~> 3.7.0)
    rspec-core (3.7.1)
      rspec-support (~> 3.7.0)
    rspec-expectations (3.7.0)
      diff-lcs (>= 1.2.0, < 2.0)
      rspec-support (~> 3.7.0)
    rspec-mocks (3.7.0)
      diff-lcs (>= 1.2.0, < 2.0)
      rspec-support (~> 3.7.0)
    rspec-support (3.7.1)
    sinatra (2.0.3)
      mustermann (~> 1.0)
      rack (~> 2.0)
      rack-protection (= 2.0.3)
      tilt (~> 2.0)
    tilt (2.0.8)
    uri_template (0.7.0)

PLATFORMS
  ruby

DEPENDENCIES
  bridger!
  bundler (~> 1.16)
  byebug
  rake (~> 10.0)
  rspec (~> 3.0)

BUNDLED WITH
   1.16.2
