PATH
  remote: .
  specs:
    bridger (0.1.1)
      bootic_client (~> 0.0.27)
      jwt (~> 2)
      multi_json
      oat
      parametric (~> 0.2.9)
      rack (>= 2.0.6)
      rack-test

GEM
  remote: https://rubygems.org/
  specs:
    bootic_client (0.0.27)
      faraday (~> 0.15)
      faraday-http-cache (~> 2)
      net-http-persistent (~> 2.9)
      oauth2 (~> 1.4)
      uri_template (~> 0.7)
    byebug (11.0.1)
    diff-lcs (1.3)
    faraday (0.17.1)
      multipart-post (>= 1.2, < 3)
    faraday-http-cache (2.0.0)
      faraday (~> 0.8)
    jwt (2.2.1)
    multi_json (1.14.1)
    multi_xml (0.6.0)
    multipart-post (2.1.1)
    mustermann (1.0.3)
    net-http-persistent (2.9.4)
    oat (0.6.0)
    oauth2 (1.4.2)
      faraday (>= 0.8, < 2.0)
      jwt (>= 1.0, < 3.0)
      multi_json (~> 1.3)
      multi_xml (~> 0.5)
      rack (>= 1.2, < 3)
    parametric (0.2.10)
    rack (2.0.8)
    rack-protection (2.0.5)
      rack
    rack-test (1.1.0)
      rack (>= 1.0, < 3)
    rake (13.0.1)
    rspec (3.7.0)
      rspec-core (~> 3.7.0)
      rspec-expectations (~> 3.7.0)
      rspec-mocks (~> 3.7.0)
    rspec-core (3.7.1)
      rspec-support (~> 3.7.0)
    rspec-expectations (3.7.0)
      diff-lcs (>= 1.2.0, < 2.0)
      rspec-support (~> 3.7.0)
    rspec-mocks (3.7.0)
      diff-lcs (>= 1.2.0, < 2.0)
      rspec-support (~> 3.7.0)
    rspec-support (3.7.1)
    sinatra (2.0.5)
      mustermann (~> 1.0)
      rack (~> 2.0)
      rack-protection (= 2.0.5)
      tilt (~> 2.0)
    tilt (2.0.9)
    uri_template (0.7.0)

PLATFORMS
  ruby

DEPENDENCIES
  bridger!
  bundler (~> 1.16)
  byebug
  rake (~> 13.0)
  rspec (~> 3.0)
  sinatra (~> 2)

BUNDLED WITH
   2.1.4
